GEM
  remote: https://rubygems.org/
  specs:
    activesupport (4.2.0)
      i18n (~> 0.7)
      json (~> 1.7, >= 1.7.7)
      minitest (~> 5.1)
      thread_safe (~> 0.3, >= 0.3.4)
      tzinfo (~> 1.1)
    akami (1.2.2)
      gyoku (>= 0.4.0)
      nokogiri
    aws-sdk (1.61.0)
      aws-sdk-v1 (= 1.61.0)
    aws-sdk-v1 (1.61.0)
      json (~> 1.4)
      nokogiri (>= 1.4.4)
    builder (3.2.2)
    coderay (1.1.0)
    docile (1.1.5)
    erubis (2.7.0)
    faraday (0.9.1)
      multipart-post (>= 1.2, < 3)
    faraday_middleware (0.9.1)
      faraday (>= 0.7.4, < 0.10)
    ffi (1.9.6-java)
    gli (2.12.2)
    gooddata (0.6.11)
      activesupport (~> 4.1, >= 4.1.0)
      aws-sdk (~> 1.45)
      bundler (~> 1.7, >= 1.7.3)
      docile (~> 1.1, >= 1.1.5)
      erubis (~> 2.7, >= 2.7.0)
      gli (~> 2.12, >= 2.12.2)
      highline (~> 1.6, >= 1.6.21)
      i18n (~> 0.6, >= 0.6.9)
      json_pure (~> 1.8, >= 1.8.1)
      multi_json (~> 1.10, >= 1.10.0)
      parseconfig (~> 1.0, >= 1.0.4)
      pmap (~> 1.0, >= 1.0.1)
      pry (~> 0.9.12.6)
      rest-client (~> 1.7, >= 1.7.2)
      restforce (~> 1.5, >= 1.5.0)
      rubyzip (~> 1.1, >= 1.1.0)
      salesforce_bulk_query (~> 0.0)
      terminal-table (~> 1.4, >= 1.4.5)
    gyoku (1.2.2)
      builder (>= 2.1.2)
    hashie (3.3.2)
    highline (1.6.21)
    httpi (2.3.0)
      rack
    i18n (0.7.0)
    json (1.8.2)
    json (1.8.2-java)
    json_pure (1.8.2)
    macaddr (1.7.1)
      systemu (~> 2.6.2)
    method_source (0.8.2)
    mime-types (1.25.1)
    mini_portile (0.6.2)
    minitest (5.5.0)
    multi_json (1.10.1)
    multipart-post (2.0.0)
    netrc (0.10.2)
    nokogiri (1.6.5)
      mini_portile (~> 0.6.0)
    nokogiri (1.6.5-java)
    nori (2.4.0)
    parseconfig (1.0.6)
    pmap (1.0.2)
    pry (0.9.12.6)
      coderay (~> 1.0)
      method_source (~> 0.8)
      slop (~> 3.4)
    pry (0.9.12.6-java)
      coderay (~> 1.0)
      method_source (~> 0.8)
      slop (~> 3.4)
      spoon (~> 0.0)
    rack (1.6.0)
    rest-client (1.7.2)
      mime-types (>= 1.16, < 3.0)
      netrc (~> 0.7)
    restforce (1.5.1)
      faraday (~> 0.9.0)
      faraday_middleware (>= 0.8.8)
      hashie (>= 1.2.0, < 4.0)
      json (>= 1.7.5, < 1.9.0)
    rubyntlm (0.3.2)
    rubyzip (1.1.6)
    salesforce_bulk_query (0.0.6)
      json (~> 1.8)
      xml-simple (~> 1.1)
    savon (2.8.0)
      akami (~> 1.2)
      builder (>= 2.1.2)
      gyoku (~> 1.2)
      httpi (~> 2.3)
      nokogiri (>= 1.4.0)
      nori (~> 2.4)
      uuid (~> 2.3.7)
      wasabi (= 3.3.0)
    slop (3.6.0)
    spoon (0.0.4)
      ffi
    systemu (2.6.4)
    terminal-table (1.4.5)
    thread_safe (0.3.4)
    thread_safe (0.3.4-java)
    tzinfo (1.2.2)
      thread_safe (~> 0.1)
    uuid (2.3.7)
      macaddr (~> 1.0)
    wasabi (3.3.0)
      httpi (~> 2.0)
      mime-types (< 2.0.0)
      nokogiri (>= 1.4.0)
    xml-simple (1.1.4)

PLATFORMS
  java
  ruby

DEPENDENCIES
  aws-sdk (= 1.61.0)
  gooddata (= 0.6.11)
  pmap (= 1.0.2)
  rest-client (= 1.7.2)
  rubyntlm (= 0.3.2)
  savon (= 2.8.0)
